GENERATE-LOAD-SCRIPTS: OFF
STORAGE: NONE
RESTRICTION: == netcoreapp5.0
NUGET
  remote: https://api.nuget.org/v3/index.json
    FSharp.Core (6.0.1)
    NLog (4.7.12)
    Suave (2.6.1)
      FSharp.Core
