GENERATE-LOAD-SCRIPTS: OFF
STORAGE: NONE
RESTRICTION: == netcoreapp5.0
NUGET
  remote: https://api.nuget.org/v3/index.json
    NLog (4.7.12)
